GIT
  remote: https://github.com/Better-Conversations/ruby-flightplans.git
  revision: e271856e276ad9c7f2d515dd0a776735a04091d6
  specs:
    bcf-flightplans (0.2.0)
      redcarpet (~> 3.6)
      tilt (~> 2.4)

GEM
  remote: https://rubygems.org/
  specs:
    filewatcher (2.1.0)
      module_methods (~> 0.1.0)
    module_methods (0.1.0)
    redcarpet (3.6.0)
    tilt (2.4.0)

PLATFORMS
  arm64-darwin-23
  ruby

DEPENDENCIES
  bcf-flightplans!
  filewatcher

BUNDLED WITH
   2.5.3
