GIT
  remote: https://github.com/Better-Conversations/ruby-flightplans.git
  revision: a5b6eaabf76b38b5ae614d63715c8240e66c4921
  specs:
    bcf-flightplans (0.6.1)
      redcarpet (~> 3.6)
      tilt (~> 2.4)

GEM
  remote: https://rubygems.org/
  specs:
    debug (1.9.2)
      irb (~> 1.10)
      reline (>= 0.3.8)
    filewatcher (2.1.0)
      module_methods (~> 0.1.0)
    io-console (0.7.2)
    irb (1.14.0)
      rdoc (>= 4.0.0)
      reline (>= 0.4.2)
    language_server-protocol (3.17.0.3)
    logger (1.6.0)
    module_methods (0.1.0)
    prism (0.30.0)
    psych (5.1.2)
      stringio
    rbs (3.5.3)
      logger
    rdoc (6.7.0)
      psych (>= 4.0.0)
    redcarpet (3.6.0)
    reline (0.5.9)
      io-console (~> 0.5)
    ruby-lsp (0.17.15)
      language_server-protocol (~> 3.17.0)
      prism (>= 0.29.0, < 0.31)
      rbs (>= 3, < 4)
      sorbet-runtime (>= 0.5.10782)
    sorbet-runtime (0.5.11537)
    stringio (3.1.1)
    tilt (2.4.0)

PLATFORMS
  aarch64-linux
  ruby

DEPENDENCIES
  bcf-flightplans!
  bundler
  debug
  filewatcher
  prism
  redcarpet
  ruby-lsp
  tilt

BUNDLED WITH
   2.5.11
